GEM
  remote: http://rubygems.org/
  specs:
    docile (1.1.5)
    minitest (5.4.2)
    multi_json (1.11.2)
    rake (12.3.0)
    simplecov (0.9.1)
      docile (~> 1.1.0)
      multi_json (~> 1.0)
      simplecov-html (~> 0.8.0)
    simplecov-html (0.8.0)
    yard (0.9.20)

PLATFORMS
  ruby

DEPENDENCIES
  bundler (~> 1.0)
  minitest
  rake
  simplecov
  yard

BUNDLED WITH
   1.17.3
